PATH
  remote: .
  specs:
    chitchat-client (0.0.1)
      faraday

GEM
  remote: https://rubygems.org/
  specs:
    faraday (0.8.7)
      multipart-post (~> 1.1)
    multipart-post (1.2.0)

PLATFORMS
  ruby

DEPENDENCIES
  chitchat-client!
